GEM
  remote: http://rubygems.org/
  specs:
    ZenTest (4.4.1)
    autotest-growl (0.2.8)
    redgreen (1.2.2)
    rspec (1.3.1)

PLATFORMS
  ruby

DEPENDENCIES
  ZenTest (= 4.4.1)
  autotest-growl (= 0.2.8)
  redgreen (= 1.2.2)
  rspec (= 1.3.1)
